PATH
  remote: .
  specs:
    commander (0.1.1)
      net-ssh

GEM
  remote: https://rubygems.org/
  specs:
    minitest (5.10.3)
    net-ssh (5.0.2)
    rake (10.5.0)

PLATFORMS
  ruby

DEPENDENCIES
  bundler (~> 1.15)
  commander!
  minitest (~> 5.0)
  rake (~> 10.0)

BUNDLED WITH
   1.15.4
